GEM
  remote: https://rubygems.org/
  specs:
    builder (3.2.2)
    feedbag (0.9.5)
      nokogiri (~> 1.0)
    mini_portile2 (2.8.2)
    nokogiri (1.14.3)
      mini_portile2 (~> 2.8.0)
      racc (~> 1.4)
    racc (1.6.2)

PLATFORMS
  ruby

DEPENDENCIES
  builder
  feedbag
  nokogiri

BUNDLED WITH
   2.1.4
